GEM
  remote: https://rubygems.org/
  specs:
    minitest (5.8.3)
    rake (12.3.3)

PLATFORMS
  ruby

DEPENDENCIES
  minitest
  rake
